PATH
  remote: .
  specs:
    eloqua (1.2.4)
      activemodel
      activesupport (>= 3.0.6)
      builder
      i18n (>= 0.5.0)
      savon (~> 1.0)

GEM
  remote: https://rubygems.org/
  specs:
    activemodel (4.0.0)
      activesupport (= 4.0.0)
      builder (~> 3.1.0)
    activesupport (4.0.0)
      i18n (~> 0.6, >= 0.6.4)
      minitest (~> 4.2)
      multi_json (~> 1.3)
      thread_safe (~> 0.1)
      tzinfo (~> 0.3.37)
    akami (1.2.0)
      gyoku (>= 0.4.0)
      nokogiri (>= 1.4.0)
    atomic (1.1.14)
    builder (3.1.4)
    ci_reporter (1.6.4)
      builder (>= 2.1.2)
    coderay (1.0.9)
    diff-lcs (1.2.4)
    flexmock (0.9.0)
    gyoku (0.4.6)
      builder (>= 2.1.2)
    httpi (1.1.1)
      rack
    i18n (0.6.5)
    method_source (0.8.1)
    mini_portile (0.5.1)
    minitest (4.7.5)
    multi_json (1.8.0)
    nokogiri (1.6.0)
      mini_portile (~> 0.5.0)
    nori (1.1.5)
    pry (0.9.12.2)
      coderay (~> 1.0.5)
      method_source (~> 0.8)
      slop (~> 3.4)
    rack (1.5.2)
    rake (10.1.0)
    rspec (2.14.1)
      rspec-core (~> 2.14.0)
      rspec-expectations (~> 2.14.0)
      rspec-mocks (~> 2.14.0)
    rspec-core (2.14.5)
    rspec-expectations (2.14.2)
      diff-lcs (>= 1.1.3, < 2.0)
    rspec-mocks (2.14.3)
    ruby-fsevent (0.2.1)
    savon (1.2.0)
      akami (~> 1.2.0)
      builder (>= 2.1.2)
      gyoku (~> 0.4.5)
      httpi (~> 1.1.0)
      nokogiri (>= 1.4.0)
      nori (~> 1.1.0)
      wasabi (~> 2.5.0)
    savon_spec (1.3.0)
      rspec (>= 2.0.0)
      savon (~> 1.0)
    slop (3.4.5)
    thread_safe (0.1.3)
      atomic
    timecop (0.3.5)
    tzinfo (0.3.37)
    wasabi (2.5.1)
      httpi (~> 1.0)
      nokogiri (>= 1.4.0)
    watchr (0.7)

PLATFORMS
  ruby

DEPENDENCIES
  ci_reporter
  eloqua!
  flexmock
  pry
  rake
  rspec
  ruby-fsevent
  savon_spec
  timecop
  watchr
